GEM
  remote: https://rubygems.org/
  specs:
    ast (2.4.2)
    awesome_print (1.7.0)
    coderay (1.1.3)
    elastic-transport (8.3.5)
      faraday (< 3)
      multi_json
    elasticsearch (8.15.0)
      elastic-transport (~> 8.3)
      elasticsearch-api (= 8.15.0)
    elasticsearch-api (8.15.0)
      multi_json
    faraday (2.10.1)
      faraday-net_http (>= 2.0, < 3.2)
      logger
    faraday-net_http (3.1.1)
      net-http
    json (2.7.2)
    language_server-protocol (3.17.0.3)
    logger (1.6.0)
    method_source (1.1.0)
    mini_portile2 (2.8.7)
    multi_json (1.15.0)
    net-http (0.4.1)
      uri
    nokogiri (1.16.7)
      mini_portile2 (~> 2.8.2)
      racc (~> 1.4)
    parallel (1.26.3)
    parser (3.3.5.0)
      ast (~> 2.4.1)
      racc
    pry (0.14.2)
      coderay (~> 1.1)
      method_source (~> 1.0)
    pry-awesome_print (9.6.11)
      awesome_print (>= 1.1.0, < 999)
      pry (>= 0.9.0, < 999)
    racc (1.8.1)
    rainbow (3.1.1)
    regexp_parser (2.9.2)
    rubocop (1.66.1)
      json (~> 2.3)
      language_server-protocol (>= 3.17.0)
      parallel (~> 1.10)
      parser (>= 3.3.0.2)
      rainbow (>= 2.2.2, < 4.0)
      regexp_parser (>= 2.4, < 3.0)
      rubocop-ast (>= 1.32.2, < 2.0)
      ruby-progressbar (~> 1.7)
      unicode-display_width (>= 2.4.0, < 3.0)
    rubocop-ast (1.32.3)
      parser (>= 3.3.1.0)
    ruby-progressbar (1.13.0)
    unicode-display_width (2.5.0)
    uri (0.13.0)

PLATFORMS
  ruby

DEPENDENCIES
  elasticsearch
  nokogiri
  pry
  pry-awesome_print
  rubocop

BUNDLED WITH
   1.13.6
