GEM
  remote: https://rubygems.org/
  specs:
    ast (2.4.2)
    awesome_print (1.7.0)
    coderay (1.1.1)
    elasticsearch (5.0.3)
      elasticsearch-api (= 5.0.3)
      elasticsearch-transport (= 5.0.3)
    elasticsearch-api (5.0.3)
      multi_json
    elasticsearch-transport (5.0.3)
      faraday
      multi_json
    faraday (0.11.0)
      multipart-post (>= 1.2, < 3)
    method_source (0.8.2)
    mini_portile2 (2.8.0)
    multi_json (1.12.1)
    multipart-post (2.0.0)
    nokogiri (1.13.4)
      mini_portile2 (~> 2.8.0)
      racc (~> 1.4)
    parser (2.7.2.0)
      ast (~> 2.4.1)
    powerpack (0.1.3)
    pry (0.10.4)
      coderay (~> 1.1.0)
      method_source (~> 0.8.1)
      slop (~> 3.4)
    pry-awesome_print (9.6.11)
      awesome_print (>= 1.1.0, < 999)
      pry (>= 0.9.0, < 999)
    racc (1.6.0)
    rainbow (2.2.2)
      rake
    rake (13.0.3)
    rubocop (0.48.1)
      parser (>= 2.3.3.1, < 3.0)
      powerpack (~> 0.1)
      rainbow (>= 1.99.1, < 3.0)
      ruby-progressbar (~> 1.7)
      unicode-display_width (~> 1.0, >= 1.0.1)
    ruby-progressbar (1.11.0)
    slop (3.6.0)
    unicode-display_width (1.7.0)

PLATFORMS
  ruby

DEPENDENCIES
  elasticsearch
  nokogiri
  pry
  pry-awesome_print
  rubocop

BUNDLED WITH
   1.13.6
